PATH
  remote: .
  specs:
    swedish_holidays (2.0.2)

GEM
  remote: https://rubygems.org/
  specs:
    mini_portile2 (2.8.0)
    nokogiri (1.13.4)
      mini_portile2 (~> 2.8.0)
      racc (~> 1.4)
    racc (1.6.0)
    rake (12.3.3)

PLATFORMS
  ruby

DEPENDENCIES
  nokogiri (~> 1.13.4)
  rake (~> 12.3.3)
  swedish_holidays!

BUNDLED WITH
   2.2.14
