PATH
  remote: .
  specs:
    swedish_holidays (0.1.0)

GEM
  remote: https://rubygems.org/
  specs:
    mini_portile2 (2.3.0)
    nokogiri (1.8.4)
      mini_portile2 (~> 2.3.0)
    rake (12.3.1)

PLATFORMS
  ruby

DEPENDENCIES
  nokogiri (~> 1.8)
  rake (~> 12.0)
  swedish_holidays!

BUNDLED WITH
   1.16.4
